GIT
  remote: git://github.com/notahat/machinist.git
  revision: 47fa070c99ec96ede665a27bc9d1e205847a387d
  branch: 1.0-maintenance
  specs:
    machinist (1.0.6)

GIT
  remote: git://github.com/technoweenie/acts_as_versioned.git
  revision: 589289fd42b2600d5f643c85e3e4e38e03ac655e
  tag: rails_2
  specs:
    acts_as_versioned (0.5.2)

GEM
  remote: http://rubygems.org/
  specs:
    BlueCloth (1.0.1)
    RedCloth (3.0.4)
    actionmailer (2.3.14)
      actionpack (= 2.3.14)
    actionpack (2.3.14)
      activesupport (= 2.3.14)
      rack (~> 1.1.0)
    activerecord (2.3.14)
      activesupport (= 2.3.14)
    activeresource (2.3.14)
      activesupport (= 2.3.14)
    activesupport (2.3.14)
    acts_as_list (0.1.2)
    coderay (1.0.8)
    columnize (0.3.6)
    faker (1.1.2)
      i18n (~> 0.5)
    hoe (3.2.0)
      rake (~> 0.8)
    i18n (0.6.1)
    json (1.7.5)
    kgio (2.7.4)
    linecache (0.46)
      rbx-require-relative (> 0.0.4)
    liquid (1.9.0)
      hoe (>= 1.5.1)
    metaclass (0.0.1)
    mocha (0.12.7)
      metaclass (~> 0.0.1)
    mysql (2.8.1)
    rack (1.1.3)
    rails (2.3.14)
      actionmailer (= 2.3.14)
      actionpack (= 2.3.14)
      activerecord (= 2.3.14)
      activeresource (= 2.3.14)
      activesupport (= 2.3.14)
      rake (>= 0.8.3)
    raindrops (0.10.0)
    rake (0.9.2.2)
    rbx-require-relative (0.0.9)
    rdoc (3.12)
      json (~> 1.4)
    rspec (1.3.0)
    rspec-rails (1.3.2)
      rack (>= 1.0.0)
      rspec (>= 1.3.0)
    ruby-debug (0.10.4)
      columnize (>= 0.1)
      ruby-debug-base (~> 0.10.4.0)
    ruby-debug-base (0.10.4)
      linecache (>= 0.3)
    rubypants (0.2.0)
    rubyzip (0.9.9)
    sqlite3 (1.3.6)
    tzinfo (0.3.35)
    unicorn (4.4.0)
      kgio (~> 2.6)
      rack
      raindrops (~> 0.7)
    will_paginate (2.3.16)
    xml-simple (1.1.2)

PLATFORMS
  ruby

DEPENDENCIES
  BlueCloth
  RedCloth (= 3.0.4)
  acts_as_list (= 0.1.2)
  acts_as_versioned!
  coderay
  faker
  liquid (= 1.9.0)
  machinist!
  mocha
  mysql
  rails (= 2.3.14)
  rdoc
  rspec (= 1.3.0)
  rspec-rails (= 1.3.2)
  ruby-debug
  rubypants (= 0.2.0)
  rubyzip
  sqlite3
  tzinfo (>= 0.3.12)
  unicorn
  will_paginate (~> 2.3.16)
  xml-simple
