GIT
  remote: git://github.com/notahat/machinist.git
  revision: 47fa070c99ec96ede665a27bc9d1e205847a387d
  branch: 1.0-maintenance
  specs:
    machinist (1.0.6)

GIT
  remote: git://github.com/technoweenie/acts_as_versioned.git
  revision: 589289fd42b2600d5f643c85e3e4e38e03ac655e
  tag: rails_2
  specs:
    acts_as_versioned (0.5.2)

GEM
  remote: http://rubygems.org/
  specs:
    BlueCloth (1.0.1)
    RedCloth (3.0.4)
    actionmailer (2.3.18)
      actionpack (= 2.3.18)
    actionpack (2.3.18)
      activesupport (= 2.3.18)
      rack (~> 1.1.0)
    activerecord (2.3.18)
      activesupport (= 2.3.18)
    activeresource (2.3.18)
      activesupport (= 2.3.18)
    activesupport (2.3.18)
    acts_as_list (0.1.2)
    coderay (1.0.8)
    faker (1.1.2)
      i18n (~> 0.5)
    hoe (3.2.0)
      rake (~> 0.8)
    i18n (0.6.1)
    json (1.7.5)
    linecache19 (0.5.12)
      ruby_core_source (>= 0.1.4)
    liquid (1.9.0)
      hoe (>= 1.5.1)
    metaclass (0.0.1)
    mocha (0.12.7)
      metaclass (~> 0.0.1)
    mysql (2.8.1)
    rack (1.1.3)
    rails (2.3.18)
      actionmailer (= 2.3.18)
      actionpack (= 2.3.18)
      activerecord (= 2.3.18)
      activeresource (= 2.3.18)
      activesupport (= 2.3.18)
      rake (>= 0.8.3)
    rake (0.9.2.2)
    rdoc (3.12)
      json (~> 1.4)
    rspec (1.3.0)
    rspec-rails (1.3.2)
      rack (>= 1.0.0)
      rspec (>= 1.3.0)
    ruby-debug-base19 (0.11.25)
      columnize (>= 0.3.1)
      linecache19 (>= 0.5.11)
      ruby_core_source (>= 0.1.4)
    ruby-debug19 (0.11.6)
      columnize (>= 0.3.1)
      linecache19 (>= 0.5.11)
      ruby-debug-base19 (>= 0.11.19)
    ruby_core_source (0.1.5)
      archive-tar-minitar (>= 0.5.2)
    rubypants (0.2.0)
    rubyzip (0.9.9)
    sqlite3 (1.3.6)
    test-unit (1.2.3)
      hoe (>= 1.5.1)
    tzinfo (0.3.35)
    will_paginate (2.3.16)
    xml-simple (1.1.2)

PLATFORMS
  ruby

DEPENDENCIES
  BlueCloth
  RedCloth (= 3.0.4)
  acts_as_list (= 0.1.2)
  acts_as_versioned!
  coderay
  faker
  liquid (= 1.9.0)
  machinist!
  mocha
  mysql
  rails (= 2.3.18)
  rdoc
  rspec (= 1.3.0)
  rspec-rails (= 1.3.2)
  ruby-debug19
  rubypants (= 0.2.0)
  rubyzip
  sqlite3
  test-unit (= 1.2.3)
  tzinfo (>= 0.3.12)
  will_paginate (~> 2.3.16)
  xml-simple
