GIT
  remote: https://github.com/emk/safe_erb.git
  revision: 59327ee8a18bbaa26c613aac5c6f1d9575aa6202
  specs:
    safe_erb (0.1.2)

GEM
  remote: http://rubygems.org/
  specs:
    BlueCloth (1.0.1)
    RedCloth (3.0.4)
    actionmailer (2.2.2)
      actionpack (= 2.2.2)
    actionpack (2.2.2)
      activesupport (= 2.2.2)
    activerecord (2.2.2)
      activesupport (= 2.2.2)
    activeresource (2.2.2)
      activesupport (= 2.2.2)
    activesupport (2.2.2)
    coderay (1.0.0)
    columnize (0.3.4)
    faker (1.0.1)
      i18n (~> 0.4)
    hoe (2.12.3)
      rake (~> 0.8)
    i18n (0.6.0)
    kgio (2.6.0)
    linecache (0.46)
      rbx-require-relative (> 0.0.4)
    liquid (1.9.0)
      hoe (>= 1.5.1)
    machinist (1.0.6)
    metaclass (0.0.1)
    mocha (0.10.0)
      metaclass (~> 0.0.1)
    rack (1.3.3)
    rails (2.2.2)
      actionmailer (= 2.2.2)
      actionpack (= 2.2.2)
      activerecord (= 2.2.2)
      activeresource (= 2.2.2)
      activesupport (= 2.2.2)
      rake (>= 0.8.3)
    raindrops (0.7.0)
    rake (0.9.2)
    rbx-require-relative (0.0.5)
    rdoc (3.9.4)
    rspec (1.3.0)
    rspec-rails (1.3.2)
      rack (>= 1.0.0)
      rspec (>= 1.3.0)
    ruby-debug (0.10.4)
      columnize (>= 0.1)
      ruby-debug-base (~> 0.10.4.0)
    ruby-debug-base (0.10.4)
      linecache (>= 0.3)
    rubyzip (0.9.4)
    sqlite3 (1.3.4)
    tzinfo (0.3.29)
    unicorn (4.1.1)
      kgio (~> 2.4)
      rack
      raindrops (~> 0.6)
    will_paginate (2.3.16)

PLATFORMS
  ruby

DEPENDENCIES
  BlueCloth
  RedCloth (= 3.0.4)
  coderay
  faker
  liquid (= 1.9.0)
  machinist
  mocha
  rails (= 2.2.2)
  rdoc
  rspec (= 1.3.0)
  rspec-rails (= 1.3.2)
  ruby-debug
  rubyzip
  safe_erb (>= 0.1.1)!
  sqlite3
  tzinfo (>= 0.3.12)
  unicorn
  will_paginate (~> 2.3.16)
